GEM
  remote: https://rubygems.org/
  specs:
    rack (2.2.2)
    rulers (0.0.2)
      rack

PLATFORMS
  ruby

DEPENDENCIES
  rulers

BUNDLED WITH
   2.0.2
