PATH
  remote: ../rulers
  specs:
    rulers (0.0.3)
      rack

GEM
  remote: https://rubygems.org/
  specs:
    rack (2.2.2)

PLATFORMS
  ruby

DEPENDENCIES
  rulers!

BUNDLED WITH
   2.0.2
